GIT
  remote: git://github.com/ahoward/mongoid-grid_fs.git
  revision: 37287164eccc46c32471a8635dc1dfbabc1687d1
  specs:
    mongoid-grid_fs (2.0.0)
      mime-types (>= 1.0, < 3.0)
      mongoid (>= 3.0, < 5.0)

GIT
  remote: git://github.com/jnicklas/carrierwave-mongoid.git
  revision: aa3db0f63439819caab0d3cbb70c66249029058c
  specs:
    carrierwave-mongoid (0.7.0)
      carrierwave (>= 0.8.0, < 0.11.0)
      mongoid (>= 3.0, < 5.0)
      mongoid-grid_fs (>= 1.3, < 3.0)

GIT
  remote: git://github.com/probablycorey/mini_magick.git
  revision: f309fbf390cd21a845264bca9bec95b9bdae8029
  specs:
    mini_magick (3.4)
      subexec (~> 0.2.1)

GIT
  remote: https://github.com/mongoid/mongoid.git
  revision: dba1c17b1dba667e50347ab616aaf6f2e1bee094
  specs:
    mongoid (4.0.0.beta1)
      activemodel (>= 4.0.0)
      moped (~> 2.0.beta6)
      origin (~> 2.1)
      tzinfo (>= 0.3.37)

GEM
  remote: https://rubygems.org/
  specs:
    actionmailer (4.0.4)
      actionpack (= 4.0.4)
      mail (~> 2.5.4)
    actionpack (4.0.4)
      activesupport (= 4.0.4)
      builder (~> 3.1.0)
      erubis (~> 2.7.0)
      rack (~> 1.5.2)
      rack-test (~> 0.6.2)
    actionpack-action_caching (1.1.1)
      actionpack (>= 4.0.0, < 5.0)
    activemodel (4.0.4)
      activesupport (= 4.0.4)
      builder (~> 3.1.0)
    activerecord (4.0.4)
      activemodel (= 4.0.4)
      activerecord-deprecated_finders (~> 1.0.2)
      activesupport (= 4.0.4)
      arel (~> 4.0.0)
    activerecord-deprecated_finders (1.0.3)
    activesupport (4.0.4)
      i18n (~> 0.6, >= 0.6.9)
      minitest (~> 4.2)
      multi_json (~> 1.3)
      thread_safe (~> 0.1)
      tzinfo (~> 0.3.37)
    arel (4.0.2)
    atomic (1.1.16)
    bcrypt (3.1.7)
    better_errors (1.1.0)
      coderay (>= 1.0.0)
      erubis (>= 2.6.6)
    binding_of_caller (0.7.2)
      debug_inspector (>= 0.0.1)
    bson (2.2.1)
    builder (3.1.4)
    capistrano (3.1.0)
      i18n
      rake (>= 10.0.0)
      sshkit (~> 1.3)
    capistrano-bundler (1.1.2)
      capistrano (~> 3.0)
      sshkit (~> 1.2)
    capistrano-rails (1.1.1)
      capistrano (~> 3.1)
      capistrano-bundler (~> 1.1)
    capistrano-rvm (0.1.1)
      capistrano (~> 3.0)
      sshkit (~> 1.2)
    carrierwave (0.10.0)
      activemodel (>= 3.2.0)
      activesupport (>= 3.2.0)
      json (>= 1.7)
      mime-types (>= 1.16)
    chronic (0.10.2)
    coderay (1.1.0)
    coffee-rails (4.0.1)
      coffee-script (>= 2.2.0)
      railties (>= 4.0.0, < 5.0)
    coffee-script (2.2.0)
      coffee-script-source
      execjs
    coffee-script-source (1.7.0)
    connection_pool (1.2.0)
    daemons (1.1.9)
    database_cleaner (1.2.0)
    debug_inspector (0.0.2)
    devise (3.2.4)
      bcrypt (~> 3.0)
      orm_adapter (~> 0.1)
      railties (>= 3.2.6, < 5)
      thread_safe (~> 0.1)
      warden (~> 1.2.3)
    diff-lcs (1.2.5)
    docile (1.1.3)
    erubis (2.7.0)
    eventmachine (1.0.3)
    excon (0.32.1)
    execjs (2.0.2)
    factory_girl (4.4.0)
      activesupport (>= 3.0.0)
    factory_girl_rails (4.4.1)
      factory_girl (~> 4.4.0)
      railties (>= 3.0.0)
    faraday (0.9.0)
      multipart-post (>= 1.2, < 3)
    fog (1.21.0)
      fog-brightbox
      fog-core (~> 1.21, >= 1.21.1)
      fog-json
      nokogiri (~> 1.5, >= 1.5.11)
    fog-brightbox (0.0.1)
      fog-core
      fog-json
    fog-core (1.21.1)
      builder
      excon (~> 0.32)
      formatador (~> 0.2.0)
      mime-types
      net-scp (~> 1.1)
      net-ssh (>= 2.1.3)
    fog-json (1.0.0)
      multi_json (~> 1.0)
    formatador (0.2.4)
    haml (4.0.5)
      tilt
    has_scope (0.6.0.rc)
      actionpack (>= 3.2, < 5)
      activesupport (>= 3.2, < 5)
    hashie (2.0.5)
    hike (1.2.3)
    i18n (0.6.9)
    inherited_resources (1.4.1)
      has_scope (~> 0.6.0.rc)
      responders (~> 1.0.0.rc)
    jbuilder (1.5.3)
      activesupport (>= 3.0.0)
      multi_json (>= 1.2.0)
    jquery-rails (3.1.0)
      railties (>= 3.0, < 5.0)
      thor (>= 0.14, < 2.0)
    json (1.8.1)
    jwt (0.1.11)
      multi_json (>= 1.5)
    kgio (2.9.2)
    mail (2.5.4)
      mime-types (~> 1.16)
      treetop (~> 1.4.8)
    mailcatcher (0.2.4)
      eventmachine
      haml
      i18n
      json
      mail
      sinatra
      skinny (>= 0.1.2)
      sqlite3-ruby
      thin
    method_source (0.8.2)
    mime-types (1.25.1)
    mini_portile (0.5.2)
    minitest (4.7.5)
    mongoid-rspec (1.10.0)
      mongoid (>= 3.0.1)
      rake
      rspec (>= 2.14)
    moped (2.0.0.beta6)
      bson (~> 2.2)
      connection_pool (~> 1.2)
      optionable (~> 0.2.0)
    multi_json (1.9.2)
    multi_xml (0.5.5)
    multipart-post (2.0.0)
    net-scp (1.1.2)
      net-ssh (>= 2.6.5)
    net-ssh (2.8.0)
    nokogiri (1.6.1)
      mini_portile (~> 0.5.0)
    oauth2 (0.9.3)
      faraday (>= 0.8, < 0.10)
      jwt (~> 0.1.8)
      multi_json (~> 1.3)
      multi_xml (~> 0.5)
      rack (~> 1.2)
    omniauth (1.2.1)
      hashie (>= 1.2, < 3)
      rack (~> 1.0)
    omniauth-facebook (1.6.0)
      omniauth-oauth2 (~> 1.1)
    omniauth-oauth2 (1.1.2)
      faraday (>= 0.8, < 0.10)
      multi_json (~> 1.3)
      oauth2 (~> 0.9.3)
      omniauth (~> 1.2)
    optionable (0.2.0)
    origin (2.1.0)
    orm_adapter (0.5.0)
    os (0.9.6)
    piet (0.2.0)
      png_quantizator
    piet-binary (0.2.0)
      os (~> 0.9.6)
      piet (>= 0.2.0)
      png_quantizator
    png_quantizator (0.1.0)
    polyglot (0.3.4)
    pry (0.9.12.6)
      coderay (~> 1.0)
      method_source (~> 0.8)
      slop (~> 3.4)
    pry-rails (0.3.2)
      pry (>= 0.9.10)
    rack (1.5.2)
    rack-cache (1.2)
      rack (>= 0.4)
    rack-mini-profiler (0.9.1)
      rack (>= 1.1.3)
    rack-protection (1.5.2)
      rack
    rack-test (0.6.2)
      rack (>= 1.0)
    rails (4.0.4)
      actionmailer (= 4.0.4)
      actionpack (= 4.0.4)
      activerecord (= 4.0.4)
      activesupport (= 4.0.4)
      bundler (>= 1.3.0, < 2.0)
      railties (= 4.0.4)
      sprockets-rails (~> 2.0.0)
    rails_12factor (0.0.2)
      rails_serve_static_assets
      rails_stdout_logging
    rails_serve_static_assets (0.0.2)
    rails_stdout_logging (0.0.3)
    railties (4.0.4)
      actionpack (= 4.0.4)
      activesupport (= 4.0.4)
      rake (>= 0.8.7)
      thor (>= 0.18.1, < 2.0)
    raindrops (0.13.0)
    rake (10.2.2)
    redis (3.0.7)
    redis-actionpack (4.0.0)
      actionpack (~> 4)
      redis-rack (~> 1.5.0)
      redis-store (~> 1.1.0)
    redis-activesupport (4.0.0)
      activesupport (~> 4)
      redis-store (~> 1.1.0)
    redis-rack (1.5.0)
      rack (~> 1.5)
      redis-store (~> 1.1.0)
    redis-rails (4.0.0)
      redis-actionpack (~> 4)
      redis-activesupport (~> 4)
      redis-store (~> 1.1.0)
    redis-store (1.1.4)
      redis (>= 2.2)
    responders (1.0.0)
      railties (>= 3.2, < 5)
    rspec (2.14.1)
      rspec-core (~> 2.14.0)
      rspec-expectations (~> 2.14.0)
      rspec-mocks (~> 2.14.0)
    rspec-core (2.14.8)
    rspec-expectations (2.14.5)
      diff-lcs (>= 1.1.3, < 2.0)
    rspec-mocks (2.14.6)
    rspec-rails (2.14.2)
      actionpack (>= 3.0)
      activemodel (>= 3.0)
      activesupport (>= 3.0)
      railties (>= 3.0)
      rspec-core (~> 2.14.0)
      rspec-expectations (~> 2.14.0)
      rspec-mocks (~> 2.14.0)
    sass (3.2.18)
    sass-rails (4.0.2)
      railties (>= 4.0.0, < 5.0)
      sass (~> 3.2.0)
      sprockets (~> 2.8, <= 2.11.0)
      sprockets-rails (~> 2.0.0)
    simplecov (0.8.2)
      docile (~> 1.1.0)
      multi_json
      simplecov-html (~> 0.8.0)
    simplecov-html (0.8.0)
    sinatra (1.4.4)
      rack (~> 1.4)
      rack-protection (~> 1.4)
      tilt (~> 1.3, >= 1.3.4)
    sitemap_generator (5.0.1)
      builder
    skinny (0.2.3)
      eventmachine (~> 1.0.0)
      thin (~> 1.5.0)
    slop (3.5.0)
    sprockets (2.11.0)
      hike (~> 1.2)
      multi_json (~> 1.0)
      rack (~> 1.0)
      tilt (~> 1.1, != 1.3.0)
    sprockets-rails (2.0.1)
      actionpack (>= 3.0)
      activesupport (>= 3.0)
      sprockets (~> 2.8)
    sqlite3 (1.3.9)
    sqlite3-ruby (1.3.3)
      sqlite3 (>= 1.3.3)
    sshkit (1.3.0)
      net-scp (>= 1.1.2)
      net-ssh
      term-ansicolor
    subexec (0.2.3)
    term-ansicolor (1.3.0)
      tins (~> 1.0)
    thin (1.5.1)
      daemons (>= 1.0.9)
      eventmachine (>= 0.12.6)
      rack (>= 1.0.0)
    thor (0.19.1)
    thread_safe (0.3.1)
      atomic (>= 1.1.7, < 2)
    tilt (1.4.1)
    tins (1.0.1)
    treetop (1.4.15)
      polyglot
      polyglot (>= 0.3.1)
    turbolinks (2.2.1)
      coffee-rails
    tzinfo (0.3.39)
    uglifier (2.5.0)
      execjs (>= 0.3.0)
      json (>= 1.8.0)
    unicorn (4.8.2)
      kgio (~> 2.6)
      rack
      raindrops (~> 0.7)
    warden (1.2.3)
      rack (>= 1.0)
    whenever (0.9.2)
      activesupport (>= 2.3.4)
      chronic (>= 0.6.3)

PLATFORMS
  ruby

DEPENDENCIES
  actionpack-action_caching
  better_errors
  binding_of_caller
  capistrano
  capistrano-bundler
  capistrano-rails
  capistrano-rvm
  carrierwave
  carrierwave-mongoid!
  coffee-rails (~> 4.0.0)
  database_cleaner
  devise
  factory_girl_rails
  fog
  inherited_resources
  jbuilder (~> 1.2)
  jquery-rails
  mailcatcher
  mini_magick!
  mongoid!
  mongoid-grid_fs!
  mongoid-rspec
  omniauth
  omniauth-facebook
  piet
  piet-binary
  pry
  pry-rails
  rack-cache
  rack-mini-profiler
  rails (= 4.0.4)
  rails_12factor
  redis
  redis-rails
  rspec-rails (~> 2.14)
  sass-rails (~> 4.0.2)
  simplecov
  sitemap_generator
  thin
  turbolinks
  uglifier (>= 1.3.0)
  unicorn
  whenever
